GEM
  remote: http://rubygems.org/
  remote: http://gemcutter.org/
  specs:
    addressable (2.2.7)
    async_sinatra (0.5.0)
      rack (>= 1.2.1)
      sinatra (>= 1.0)
    cookiejar (0.3.0)
    daemons (1.1.8)
    em-http-request (1.0.1)
      addressable (>= 2.2.3)
      cookiejar
      em-socksify
      eventmachine (>= 1.0.0.beta.4)
      http_parser.rb (>= 0.5.3)
    em-socksify (0.1.0)
      eventmachine
    em-synchrony (1.0.0)
      eventmachine (>= 1.0.0.beta.1)
    eventmachine (1.0.0.beta.4)
    http_parser.rb (0.5.3)
    json (1.6.5)
    nokogiri (1.5.0)
    rack (1.4.1)
    rack-protection (1.2.0)
      rack
    ruby-hmac (0.4.0)
    sinatra (1.3.2)
      rack (~> 1.3, >= 1.3.6)
      rack-protection (~> 1.2)
      tilt (~> 1.3, >= 1.3.3)
    thin (1.3.1)
      daemons (>= 1.0.9)
      eventmachine (>= 0.12.6)
      rack (>= 1.0.0)
    tilt (1.3.3)
    titleize (1.2.1)
    yajl-ruby (1.1.0)

PLATFORMS
  ruby

DEPENDENCIES
  async_sinatra
  em-http-request (>= 1.0.0.beta4)
  em-synchrony (>= 1.0.0)
  eventmachine (>= 1.0.0.beta4)
  json
  nokogiri
  ruby-hmac
  sinatra
  thin
  titleize
  yajl-ruby
